GIT
  remote: https://github.com/camertron/scuttle-rb.git
  revision: a2ee9527a162acaaf88385b12050f4e696adb25d
  specs:
    scuttle (1.0.0)
      coderay (~> 1.1.0)

GEM
  remote: http://rubygems.org/
  specs:
    activemodel (4.0.2)
      activesupport (= 4.0.2)
      builder (~> 3.1.0)
    activerecord (4.0.2)
      activemodel (= 4.0.2)
      activerecord-deprecated_finders (~> 1.0.2)
      activesupport (= 4.0.2)
      arel (~> 4.0.0)
    activerecord-deprecated_finders (1.0.3)
    activerecord-jdbc-adapter (1.3.24)
      activerecord (>= 2.2, < 5.0)
    activerecord-jdbcpostgresql-adapter (1.3.24)
      activerecord-jdbc-adapter (~> 1.3.24)
      jdbc-postgres (~> 9.1, <= 9.4.1206)
    activesupport (4.0.2)
      i18n (~> 0.6, >= 0.6.4)
      minitest (~> 4.2)
      multi_json (~> 1.3)
      thread_safe (~> 0.1)
      tzinfo (~> 0.3.37)
    addressable (2.3.6)
    arel (4.0.2)
    builder (3.1.4)
    coderay (1.1.3)
    diff-lcs (1.1.3)
    faraday (0.9.0)
      multipart-post (>= 1.2, < 3)
    ffi (1.11.3-java)
    i18n (0.6.9)
    jdbc-postgres (9.4.1206)
    jruby-parser (0.5.4)
    json_pure (1.8.1)
    method_source (0.8.2)
    minitest (4.7.5)
    multi_json (1.8.2)
    multipart-post (2.0.0)
    nio4r (2.5.8)
    nio4r (2.5.8-java)
    octokit (3.2.0)
      sawyer (~> 0.5.3)
    pry (0.9.12.6)
      coderay (~> 1.0)
      method_source (~> 0.8)
      slop (~> 3.4)
    pry (0.9.12.6-java)
      coderay (~> 1.0)
      method_source (~> 0.8)
      slop (~> 3.4)
      spoon (~> 0.0)
    pry-nav (0.2.3)
      pry (~> 0.9.10)
    puma (4.3.12)
      nio4r (~> 2.0)
    puma (4.3.12-java)
      nio4r (~> 2.0)
    rack (1.6.12)
    rack-protection (1.5.5)
      rack
    rack-test (0.6.2)
      rack (>= 1.0)
    rake (13.0.1)
    rr (1.1.2)
    rspec (2.14.1)
      rspec-core (~> 2.14.0)
      rspec-expectations (~> 2.14.0)
      rspec-mocks (~> 2.14.0)
    rspec-core (2.14.8)
    rspec-expectations (2.14.5)
      diff-lcs (>= 1.1.3, < 2.0)
    rspec-mocks (2.14.6)
    rubyzip (1.3.0)
    sawyer (0.5.4)
      addressable (~> 2.3.5)
      faraday (~> 0.8, < 0.10)
    sinatra (1.4.5)
      rack (~> 1.4)
      rack-protection (~> 1.4)
      tilt (~> 1.3, >= 1.3.4)
    sinatra-activerecord (2.0.2)
      activerecord (>= 3.2)
      sinatra (~> 1.0)
    sinatra_auth_github (1.0.0)
      sinatra (~> 1.0)
      warden-github (~> 1.0)
    slop (3.5.0)
    spoon (0.0.4)
      ffi
    thread_safe (0.3.2)
    thread_safe (0.3.2-java)
    tilt (1.4.1)
    tzinfo (0.3.38)
    warden (1.2.3)
      rack (>= 1.0)
    warden-github (1.0.1)
      octokit (> 2.1.0)
      warden (> 1.0)

PLATFORMS
  java
  ruby
  universal-java-1.8
  universal-java-15

DEPENDENCIES
  activerecord-jdbcpostgresql-adapter (~> 1.3.0)
  activesupport (~> 4.0.0)
  jruby-parser (~> 0.5.0)
  json_pure (~> 1.8.0)
  pry-nav (~> 0.2.0)
  puma (~> 4.3.12)
  rack-test (~> 0.6.0)
  rake (~> 13.0.1)
  rr (~> 1.1.0)
  rspec (~> 2.14.0)
  rubyzip (= 1.3.0)
  scuttle!
  sinatra (~> 1.4.0)
  sinatra-activerecord (~> 2.0.0)
  sinatra_auth_github (~> 1.0.0)

RUBY VERSION
   ruby 2.5.7p0 (jruby 9.2.11.1)

BUNDLED WITH
   2.3.26
